GIT
  remote: git://github.com/sinatra/sinatra.git
  revision: a27ad634a2a4972499116f54727fdf8cdf8995e3
  specs:
    rack-protection (2.0.1)
      rack
    sinatra (2.0.1)
      mustermann (~> 1.0)
      rack (~> 2.0)
      rack-protection (= 2.0.1)
      tilt (~> 2.0)

GEM
  remote: https://rubygems.org/
  specs:
    mustermann (1.0.2)
    rack (2.0.4)
    tilt (2.0.8)

PLATFORMS
  ruby

DEPENDENCIES
  sinatra!

RUBY VERSION
   ruby 2.5.1p57

BUNDLED WITH
   1.16.1
